GEM
  remote: https://rubygems.org/
  specs:
    faraday (0.8.5)
      multipart-post (~> 1.1)
    multipart-post (1.1.5)
    rack (1.5.1)
    rack-protection (1.3.2)
      rack
    sinatra (1.3.4)
      rack (~> 1.4)
      rack-protection (~> 1.3)
      tilt (~> 1.3, >= 1.3.3)
    tilt (1.3.3)

PLATFORMS
  ruby

DEPENDENCIES
  faraday
  sinatra
